GIT
  remote: http://github.com/justinfrench/formtastic.git
  revision: ea7d9c6bc38df6d31319ee7dead3a54126763414
  branch: master
  specs:
    formtastic (1.2.3)
      actionpack (>= 2.3.7)
      activesupport (>= 2.3.7)
      i18n (~> 0.4)

GEM
  remote: http://rubygems.org/
  specs:
    RedCloth (4.2.5)
    abstract (1.0.0)
    actionmailer (3.0.4)
      actionpack (= 3.0.4)
      mail (~> 2.2.15)
    actionpack (3.0.4)
      activemodel (= 3.0.4)
      activesupport (= 3.0.4)
      builder (~> 2.1.2)
      erubis (~> 2.6.6)
      i18n (~> 0.4)
      rack (~> 1.2.1)
      rack-mount (~> 0.6.13)
      rack-test (~> 0.5.7)
      tzinfo (~> 0.3.23)
    activemodel (3.0.4)
      activesupport (= 3.0.4)
      builder (~> 2.1.2)
      i18n (~> 0.4)
    activerecord (3.0.4)
      activemodel (= 3.0.4)
      activesupport (= 3.0.4)
      arel (~> 2.0.2)
      tzinfo (~> 0.3.23)
    activeresource (3.0.4)
      activemodel (= 3.0.4)
      activesupport (= 3.0.4)
    activesupport (3.0.4)
    arel (2.0.8)
    authlogic (2.1.6)
      activesupport
    builder (2.1.2)
    dalli (1.0.2)
    erubis (2.6.6)
      abstract (>= 1.0.0)
    haml (3.0.25)
    hirb (0.3.6)
    i18n (0.5.0)
    jquery-rails (0.2.7)
      rails (~> 3.0)
      thor (~> 0.14.4)
    kaminari (0.10.4)
      rails (>= 3.0.0)
    mail (2.2.15)
      activesupport (>= 2.3.6)
      i18n (>= 0.4.0)
      mime-types (~> 1.16)
      treetop (~> 1.4.8)
    meta_search (1.0.1)
      actionpack (~> 3.0.2)
      activerecord (~> 3.0.2)
      activesupport (~> 3.0.2)
      arel (~> 2.0.2)
    meta_where (1.0.3)
      activerecord (~> 3.0.4)
      activesupport (~> 3.0.4)
      arel (~> 2.0.8)
    mime-types (1.16)
    mocha (0.9.11)
      rake
    mysql (2.8.1)
    mysql2 (0.2.6)
    nifty-generators (0.4.4)
    polyglot (0.3.1)
    rack (1.2.1)
    rack-mount (0.6.13)
      rack (>= 1.0.0)
    rack-test (0.5.7)
      rack (>= 1.0)
    rails (3.0.4)
      actionmailer (= 3.0.4)
      actionpack (= 3.0.4)
      activerecord (= 3.0.4)
      activeresource (= 3.0.4)
      activesupport (= 3.0.4)
      bundler (~> 1.0)
      railties (= 3.0.4)
    railties (3.0.4)
      actionpack (= 3.0.4)
      activesupport (= 3.0.4)
      rake (>= 0.8.7)
      thor (~> 0.14.4)
    rake (0.8.7)
    rmagick (2.13.1)
    simple_form (1.3.1)
    thor (0.14.6)
    treetop (1.4.9)
      polyglot (>= 0.3.1)
    tzinfo (0.3.24)
    validatable (1.6.7)
    will_paginate (3.0.pre2)
    wirble (0.1.3)
    ya2yaml (0.30)

PLATFORMS
  ruby

DEPENDENCIES
  RedCloth (= 4.2.5)
  authlogic
  dalli
  formtastic!
  haml
  hirb
  jquery-rails
  kaminari
  meta_search
  meta_where
  mocha
  mysql (>= 2.8.1)
  mysql2
  nifty-generators
  rails (>= 3.0.1)
  rmagick
  simple_form
  validatable
  will_paginate (>= 3.0.pre)
  wirble
  ya2yaml
